PATH
  remote: .
  specs:
    mock-bandwidth (0.1.0)
      bandwidth-sdk (>= 14.0)
      faraday (>= 1.0.1, < 3.0)

GEM
  remote: https://rubygems.org/
  specs:
    addressable (2.8.7)
      public_suffix (>= 2.0.2, < 7.0)
    bandwidth-sdk (14.0.0)
      faraday (>= 1.0.1, < 3.0)
      faraday-multipart
      marcel
      ox (~> 2.14)
    base64 (0.2.0)
    bigdecimal (3.1.9)
    coderay (1.1.3)
    crack (1.0.0)
      bigdecimal
      rexml
    docile (1.4.1)
    faraday (2.8.1)
      base64
      faraday-net_http (>= 2.0, < 3.1)
      ruby2_keywords (>= 0.0.4)
    faraday-multipart (1.1.0)
      multipart-post (~> 2.0)
    faraday-net_http (3.0.2)
    hashdiff (1.1.2)
    marcel (1.0.4)
    method_source (1.1.0)
    minitest (5.25.4)
    multipart-post (2.4.1)
    ox (2.14.21)
      bigdecimal (>= 3.0)
    pry (0.15.2)
      coderay (~> 1.1)
      method_source (~> 1.0)
    public_suffix (5.1.1)
    rake (13.2.1)
    rexml (3.4.0)
    ruby2_keywords (0.0.5)
    simplecov (0.22.0)
      docile (~> 1.1)
      simplecov-html (~> 0.11)
      simplecov_json_formatter (~> 0.1)
    simplecov-html (0.13.1)
    simplecov_json_formatter (0.1.4)
    webmock (3.24.0)
      addressable (>= 2.8.0)
      crack (>= 0.3.2)
      hashdiff (>= 0.4.0, < 2.0.0)

PLATFORMS
  ruby

DEPENDENCIES
  minitest (~> 5.16)
  mock-bandwidth!
  pry
  rake (~> 13.0)
  simplecov
  webmock

BUNDLED WITH
   2.1.4
